GEM
  remote: https://rubygems.org/
  specs:
    jsonschema (2.0.2)
    rake (10.0.4)

PLATFORMS
  ruby

DEPENDENCIES
  jsonschema
  rake
